GEM
  remote: https://rubygems.org/
  specs:
    power_assert (0.2.4)
    test-unit (3.1.2)
      power_assert

PLATFORMS
  ruby

DEPENDENCIES
  test-unit

BUNDLED WITH
   1.10.5
